GEM
  remote: https://rubygems.org/
  specs:
    pg (0.15.1)
    rake (10.0.4)

PLATFORMS
  ruby

DEPENDENCIES
  pg (~> 0.15.1)
  rake (~> 10.0.4)
